GEM
  remote: https://rubygems.org/
  specs:
    concurrent-ruby (1.3.4)
    i18n (1.14.6)
      concurrent-ruby (~> 1.0)
    ruby-enum (0.9.0)
      i18n

PLATFORMS
  ruby

DEPENDENCIES
  ruby-enum

BUNDLED WITH
   1.17.2
